GEM
  remote: https://rubygems.org/
  specs:
    CFPropertyList (2.2.8)
    ansi (1.4.3)
    awesome_print (1.2.0)
    bubble-wrap (1.7.1)
      bubble-wrap-http (= 1.7.1)
    bubble-wrap-http (1.7.1)
    builder (3.2.2)
    calabash-common (0.0.1)
      cucumber (~> 1.3.0)
    calabash-cucumber (0.9.160)
      CFPropertyList
      awesome_print
      bundler (~> 1.1)
      calabash-common (~> 0.0.1)
      cucumber (~> 1.3.0)
      edn
      httpclient (~> 2.3.3)
      json
      location-one (~> 0.0.10)
      run_loop (~> 0.0.21)
      sim_launcher (= 0.4.6)
      slowhandcuke
      xamarin-test-cloud (~> 0.9.25)
    cucumber (1.3.17)
      builder (>= 2.1.2)
      diff-lcs (>= 1.1.3)
      gherkin (~> 2.12)
      multi_json (>= 1.7.5, < 2.0)
      multi_test (>= 0.1.1)
    diff-lcs (1.2.5)
    edn (1.0.6)
    geocoder (1.2.6)
    gherkin (2.12.2)
      multi_json (~> 1.3)
    httpclient (2.3.4.1)
    json (1.8.1)
    location-one (0.0.10)
      geocoder (~> 1.1)
      httpclient (~> 2.3.3)
      json
    mime-types (1.25.1)
    minitest (5.4.2)
    minitest-reporters (1.0.7)
      ansi
      builder
      minitest (>= 5.0)
      ruby-progressbar
    motion-calabash (0.9.160.1)
      calabash-cucumber (= 0.9.160)
    multi_json (1.10.1)
    multi_test (0.1.1)
    rack (1.5.2)
    rack-protection (1.5.3)
      rack
    rake (10.3.2)
    rdoc (4.1.2)
      json (~> 1.4)
    rest-client (1.6.8)
      mime-types (~> 1.16)
      rdoc (>= 2.4.2)
    retriable (1.3.3.1)
    ruby-progressbar (1.7.0)
    rubyzip (1.1.6)
    run_loop (0.0.22)
      json
      thor
    sim_launcher (0.4.6)
      sinatra
    sinatra (1.4.5)
      rack (~> 1.4)
      rack-protection (~> 1.4)
      tilt (~> 1.3, >= 1.3.4)
    slowhandcuke (0.0.3)
      cucumber
    thor (0.19.1)
    tilt (1.4.1)
    xamarin-test-cloud (0.9.38)
      bundler (>= 1.3.0, < 2.0)
      json
      mime-types (< 2.0)
      rest-client (~> 1.6.7)
      retriable (~> 1.3.3.1)
      rubyzip (~> 1.1)
      thor (>= 0.18.1)

PLATFORMS
  ruby

DEPENDENCIES
  bubble-wrap
  minitest
  minitest-reporters
  motion-calabash
  rake
